GEM
  remote: http://rubygems.org/
  specs:
    ZenTest (4.6.2)
    activemodel (3.2.1)
      activesupport (= 3.2.1)
      builder (~> 3.0.0)
    activesupport (3.2.1)
      i18n (~> 0.6)
      multi_json (~> 1.0)
    autotest-fsevent (0.2.8)
      sys-uname
    autotest-growl (0.2.16)
    builder (3.0.0)
    couchrest (1.1.2)
      mime-types (~> 1.15)
      multi_json (~> 1.0.0)
      rest-client (~> 1.6.1)
    couchrest_model (1.1.2)
      activemodel (~> 3.0)
      couchrest (~> 1.1.2)
      mime-types (~> 1.15)
      tzinfo (~> 0.3.22)
    diff-lcs (1.1.3)
    ffi (1.0.11)
    haml (3.1.4)
    i18n (0.6.0)
    mime-types (1.17.2)
    multi_json (1.0.4)
    rack (1.4.1)
    rack-protection (1.2.0)
      rack
    rack-test (0.6.1)
      rack (>= 1.0)
    rake (0.9.2.2)
    rest-client (1.6.7)
      mime-types (>= 1.16)
    rspec (2.8.0)
      rspec-core (~> 2.8.0)
      rspec-expectations (~> 2.8.0)
      rspec-mocks (~> 2.8.0)
    rspec-core (2.8.0)
    rspec-expectations (2.8.0)
      diff-lcs (~> 1.1.2)
    rspec-mocks (2.8.0)
    sass (3.1.12)
    sinatra (1.3.2)
      rack (~> 1.3, >= 1.3.6)
      rack-protection (~> 1.2)
      tilt (~> 1.3, >= 1.3.3)
    spork (0.8.4)
    sys-uname (0.9.0)
      ffi (>= 1.0.0)
    tilt (1.3.3)
    tzinfo (0.3.31)

PLATFORMS
  ruby

DEPENDENCIES
  ZenTest
  autotest-fsevent
  autotest-growl
  couchrest
  couchrest_model (~> 1.1.2)
  haml
  rack
  rack-test
  rake
  rspec
  sass
  sinatra
  spork (= 0.8.4)
